GEM
  remote: https://rubygems.org/
  specs:
    backports (3.15.0)
    daemons (1.3.1)
    eventmachine (1.2.7)
    json (2.2.0)
    mini_magick (4.9.5)
    multi_json (1.13.1)
    mustermann (1.0.3)
    rack (2.0.8)
    rack-protection (2.0.7)
      rack
    sinatra (2.0.7)
      mustermann (~> 1.0)
      rack (~> 2.0)
      rack-protection (= 2.0.7)
      tilt (~> 2.0)
    sinatra-contrib (2.0.7)
      backports (>= 2.8.2)
      multi_json
      mustermann (~> 1.0)
      rack-protection (= 2.0.7)
      sinatra (= 2.0.7)
      tilt (~> 2.0)
    sinatra-xsendfile (0.4.2)
      sinatra (>= 0.9.1)
    thin (1.7.2)
      daemons (~> 1.0, >= 1.0.9)
      eventmachine (~> 1.0, >= 1.0.4)
      rack (>= 1, < 3)
    tilt (2.0.10)

PLATFORMS
  ruby

DEPENDENCIES
  json
  mini_magick
  sinatra
  sinatra-contrib
  sinatra-xsendfile
  thin

BUNDLED WITH
   2.0.1
